GEM
  remote: https://rubygems.org/
  specs:
    fortune (0.0.3)

PLATFORMS
  ruby

DEPENDENCIES
  fortune

RUBY VERSION
   ruby 2.4.5p335

BUNDLED WITH
   2.0.1
