GEM
  remote: https://rubygems.org/
  specs:
    fortune (0.0.3)

PLATFORMS
  arm64-darwin-23
  ruby

DEPENDENCIES
  fortune

RUBY VERSION
   ruby 3.3.0p0

BUNDLED WITH
   2.5.3
